GEM
  remote: http://rubygems.org/
  specs:
    aws-sdk (1.8.1.1)
      json (~> 1.4)
      nokogiri (>= 1.4.4)
      uuidtools (~> 2.1)
    json (1.7.6)
    macaddr (1.6.1)
      systemu (~> 2.5.0)
    nokogiri (1.5.6)
    rack (1.5.1)
    rack-protection (1.3.2)
      rack
    rubyzip (0.9.9)
    sinatra (1.3.4)
      rack (~> 1.4)
      rack-protection (~> 1.3)
      tilt (~> 1.3, >= 1.3.3)
    systemu (2.5.2)
    tilt (1.3.3)
    uuid (2.3.6)
      macaddr (~> 1.0)
    uuidtools (2.1.3)
    zippy (0.2.1)
      rubyzip (>= 0.9.1)

PLATFORMS
  ruby

DEPENDENCIES
  aws-sdk
  sinatra
  uuid
  zippy
