GEM
  remote: http://rubygems.org/
  specs:
    rack (1.5.1)
    rack-protection (1.3.2)
      rack
    rubyzip (0.9.9)
    sinatra (1.3.4)
      rack (~> 1.4)
      rack-protection (~> 1.3)
      tilt (~> 1.3, >= 1.3.3)
    tilt (1.3.3)
    zippy (0.2.1)
      rubyzip (>= 0.9.1)

PLATFORMS
  ruby

DEPENDENCIES
  sinatra
  zippy
